GEM
  remote: https://rubygems.org/
  specs:
    activesupport (3.0.20)
    chipmunk (6.1.3.4)
    gosu (0.12.1)
    i18n (0.6.11)
    listen (0.6.0)
    metro (0.3.6)
      activesupport (~> 3.0.0)
      chipmunk (~> 6.1.3.1)
      gosu (~> 0.7)
      i18n (~> 0.6.1)
      listen (~> 0.6.0)
      texplay (~> 0.4)
      thor (~> 0.16.0)
      tmx (~> 0.1.2)
    mini_portile2 (2.3.0)
    multi_json (1.12.2)
    nokogiri (1.8.1)
      mini_portile2 (~> 2.3.0)
    rb-fsevent (0.9.8)
    texplay (0.4.4.pre)
      gosu (>= 0.7.25)
    thor (0.16.0)
    tmx (0.1.5)
      multi_json (~> 1.0)
      nokogiri (~> 1.5)

PLATFORMS
  ruby

DEPENDENCIES
  metro
  rb-fsevent (~> 0.9.1)
  texplay (= 0.4.4.pre)

BUNDLED WITH
   1.15.4
